GEM
  remote: https://rubygems.org/
  specs:
    figaro (1.1.1)
      thor (~> 0.14)
    rails_12factor (0.0.3)
      rails_serve_static_assets
      rails_stdout_logging
    rails_serve_static_assets (0.0.5)
    rails_stdout_logging (0.0.5)
    thor (0.20.3)

PLATFORMS
  ruby

DEPENDENCIES
  figaro
  rails_12factor

RUBY VERSION
   ruby 2.4.1p111

BUNDLED WITH
   1.14.6
